GIT
  remote: git://github.com/rails/rails.git
  revision: 822fa17
  tag: v3.0.0_RC2
  specs:
    activemodel (3.0.0.rc2)
      activesupport (= 3.0.0.rc2)
      builder (~> 2.1.2)
      i18n (~> 0.4.1)
    activerecord (3.0.0.rc2)
      activemodel (= 3.0.0.rc2)
      activesupport (= 3.0.0.rc2)
      arel (~> 1.0.0.rc1)
      tzinfo (~> 0.3.23)
    activesupport (3.0.0.rc2)

GIT
  remote: http://github.com/fauna/cassandra.git
  revision: 63ddf14
  specs:
    cassandra (0.10.0)
      json
      rake
      simple_uuid (>= 0.1.0)
      thrift_client (>= 0.4.0)

GEM
  remote: http://rubygems.org/
  specs:
    arel (1.0.0.rc1)
      activesupport (>= 3.0.0.beta)
    builder (2.1.2)
    i18n (0.4.1)
    json (1.4.6)
    nokogiri (1.4.3.1)
    rake (0.8.7)
    shoulda (2.11.3)
    simple_uuid (0.1.1)
    sqlite3-ruby (1.3.1)
    thrift (0.2.0.4)
    thrift_client (0.4.6)
      thrift
    tzinfo (0.3.23)

PLATFORMS
  ruby

DEPENDENCIES
  activemodel!
  activerecord!
  cassandra!
  nokogiri
  shoulda
  sqlite3-ruby
